GEM
  remote: http://rubygems.org/
  specs:
    mini_magick (3.3)
      subexec (~> 0.1.0)
    rmagick (2.13.1)
    subexec (0.1.0)

PLATFORMS
  ruby

DEPENDENCIES
  mini_magick (= 3.3)
  rmagick (= 2.13.1)
